GEM
  remote: https://rubygems.org/
  specs:
    Ascii85 (1.0.1)
    ZenTest (4.8.0)
    actionmailer (3.2.2)
      actionpack (= 3.2.2)
      mail (~> 2.4.0)
    actionpack (3.2.2)
      activemodel (= 3.2.2)
      activesupport (= 3.2.2)
      builder (~> 3.0.0)
      erubis (~> 2.7.0)
      journey (~> 1.0.1)
      rack (~> 1.4.0)
      rack-cache (~> 1.1)
      rack-test (~> 0.6.1)
      sprockets (~> 2.1.2)
    activemodel (3.2.2)
      activesupport (= 3.2.2)
      builder (~> 3.0.0)
    activerecord (3.2.2)
      activemodel (= 3.2.2)
      activesupport (= 3.2.2)
      arel (~> 3.0.2)
      tzinfo (~> 0.3.29)
    activerecord-oracle_enhanced-adapter (1.3.2)
    activeresource (3.2.2)
      activemodel (= 3.2.2)
      activesupport (= 3.2.2)
    activesupport (3.2.2)
      i18n (~> 0.6)
      multi_json (~> 1.0)
    archive-tar-minitar (0.5.2)
    arel (3.0.2)
    autotest (4.4.6)
      ZenTest (>= 4.4.1)
    autotest-notification (2.3.4)
      autotest-standalone (~> 4.5)
    autotest-rails (4.1.2)
      ZenTest (~> 4.5)
    autotest-standalone (4.5.9)
    builder (3.0.0)
    capistrano (2.12.0)
      highline
      net-scp (>= 1.0.0)
      net-sftp (>= 2.0.0)
      net-ssh (>= 2.0.14)
      net-ssh-gateway (>= 1.1.0)
    coffee-rails (3.2.2)
      coffee-script (>= 2.2.0)
      railties (~> 3.2.0)
    coffee-script (2.2.0)
      coffee-script-source
      execjs
    coffee-script-source (1.3.3)
    columnize (0.3.6)
    database_cleaner (0.7.2)
    diff-lcs (1.1.3)
    erubis (2.7.0)
    execjs (1.3.2)
      multi_json (~> 1.0)
    factory_girl (3.3.0)
      activesupport (>= 3.0.0)
    factory_girl_rails (3.3.0)
      factory_girl (~> 3.3.0)
      railties (>= 3.0.0)
    highline (1.6.12)
    hike (1.2.1)
    htmlentities (4.3.1)
    i18n (0.6.0)
    journey (1.0.3)
    jquery-rails (2.0.2)
      railties (< 5.0, >= 3.2.0)
      thor (~> 0.14)
    json (1.7.3)
    juggernaut (2.1.1)
      redis
    linecache19 (0.5.12)
      ruby_core_source (>= 0.1.4)
    mail (2.4.4)
      i18n (>= 0.4.0)
      mime-types (~> 1.16)
      treetop (~> 1.4.8)
    mime-types (1.18)
    multi_json (1.3.5)
    net-scp (1.0.4)
      net-ssh (>= 1.99.1)
    net-sftp (2.0.5)
      net-ssh (>= 2.0.9)
    net-ssh (2.3.0)
    net-ssh-gateway (1.1.0)
      net-ssh (>= 1.99.1)
    pdf-reader (1.1.1)
      Ascii85 (~> 1.0.0)
      ruby-rc4
    polyglot (0.3.3)
    prawn (0.12.0)
      pdf-reader (>= 0.9.0)
      ttfunk (~> 1.0.2)
    prawnto_2 (0.2.5)
      prawn (>= 0.6.0)
      rails (>= 3.1)
    rack (1.4.1)
    rack-cache (1.2)
      rack (>= 0.4)
    rack-ssl (1.3.2)
      rack
    rack-test (0.6.1)
      rack (>= 1.0)
    rails (3.2.2)
      actionmailer (= 3.2.2)
      actionpack (= 3.2.2)
      activerecord (= 3.2.2)
      activeresource (= 3.2.2)
      activesupport (= 3.2.2)
      bundler (~> 1.0)
      railties (= 3.2.2)
    railties (3.2.2)
      actionpack (= 3.2.2)
      activesupport (= 3.2.2)
      rack-ssl (~> 1.3.2)
      rake (>= 0.8.7)
      rdoc (~> 3.4)
      thor (~> 0.14.6)
    rake (0.9.2.2)
    rdoc (3.12)
      json (~> 1.4)
    redis (2.2.2)
    rspec (2.10.0)
      rspec-core (~> 2.10.0)
      rspec-expectations (~> 2.10.0)
      rspec-mocks (~> 2.10.0)
    rspec-core (2.10.0)
    rspec-expectations (2.10.0)
      diff-lcs (~> 1.1.3)
    rspec-mocks (2.10.1)
    rspec-rails (2.10.1)
      actionpack (>= 3.0)
      activesupport (>= 3.0)
      railties (>= 3.0)
      rspec (~> 2.10.0)
    ruby-debug-base19 (0.11.25)
      columnize (>= 0.3.1)
      linecache19 (>= 0.5.11)
      ruby_core_source (>= 0.1.4)
    ruby-debug19 (0.11.6)
      columnize (>= 0.3.1)
      linecache19 (>= 0.5.11)
      ruby-debug-base19 (>= 0.11.19)
    ruby-oci8 (2.1.2)
    ruby-plsql (0.5.0)
    ruby-rc4 (0.1.5)
    ruby_core_source (0.1.5)
      archive-tar-minitar (>= 0.5.2)
    rubycas-client (2.3.8)
      activesupport
    sass (3.1.18)
    sass-rails (3.2.5)
      railties (~> 3.2.0)
      sass (>= 3.1.10)
      tilt (~> 1.3)
    sprockets (2.1.3)
      hike (~> 1.2)
      rack (~> 1.0)
      tilt (!= 1.3.0, ~> 1.1)
    state_machine (1.1.2)
    thor (0.14.6)
    tilt (1.3.3)
    treetop (1.4.10)
      polyglot
      polyglot (>= 0.3.1)
    ttfunk (1.0.3)
    tzinfo (0.3.33)
    uglifier (1.2.4)
      execjs (>= 0.3.0)
      multi_json (>= 1.0.2)

PLATFORMS
  ruby

DEPENDENCIES
  activerecord-oracle_enhanced-adapter (~> 1.3.0)
  arel
  autotest
  autotest-notification
  autotest-rails
  capistrano
  coffee-rails (~> 3.2.1)
  database_cleaner
  factory_girl_rails
  htmlentities
  i18n
  jquery-rails
  juggernaut
  prawn
  prawnto_2
  rails (= 3.2.2)
  rspec-rails (~> 2.4)
  ruby-debug19
  ruby-oci8 (>= 2.0.4)
  ruby-plsql (>= 0.4.3)
  rubycas-client
  sass-rails (~> 3.2.3)
  state_machine
  uglifier (>= 1.0.3)
